GIT
  remote: git@github.com:macteo/core_data.git
  revision: 7b0037e4f8f741fc24b8bff445efe97dcaa076ac
  specs:
    core_data (0.1.2)
      nokogiri (~> 1.4)

GEM
  specs:
    mini_portile (0.6.2)
    nokogiri (1.6.6.2)
      mini_portile (~> 0.6.0)

PLATFORMS
  ruby

DEPENDENCIES
  core_data!

BUNDLED WITH
   1.10.6
